GIT
  remote: https://github.com/ngsankha/rdl
  revision: 7fe91dc8e0112178775d5ca2d69b8cbc40086a0b
  branch: effects
  specs:
    rdl (2.1.0)
      parser (~> 2.3, >= 2.3.1.4)
      sql-parser (~> 0.0.2)

GIT
  remote: https://github.com/ngsankha/ruby-minisat
  revision: 685d9ae6cab8c42ae47cc97e8a8270117e221a64
  specs:
    minisat (0.1.0)

PATH
  remote: .
  specs:
    rbsyn (0.1.0)
      activerecord
      parser
      sqlite3
      unparser

GEM
  remote: https://rubygems.org/
  specs:
    abstract_type (0.0.7)
    activemodel (6.0.0)
      activesupport (= 6.0.0)
    activerecord (6.0.0)
      activemodel (= 6.0.0)
      activesupport (= 6.0.0)
    activesupport (6.0.0)
      concurrent-ruby (~> 1.0, >= 1.0.2)
      i18n (>= 0.7, < 2)
      minitest (~> 5.1)
      tzinfo (~> 1.1)
      zeitwerk (~> 2.1, >= 2.1.8)
    adamantium (0.2.0)
      ice_nine (~> 0.11.0)
      memoizable (~> 0.4.0)
    ansi (1.5.0)
    ast (2.4.0)
    builder (3.2.3)
    byebug (11.0.1)
    coderay (1.1.2)
    concord (0.1.5)
      adamantium (~> 0.2.0)
      equalizer (~> 0.0.9)
    concurrent-ruby (1.1.5)
    diff-lcs (1.3)
    equalizer (0.0.11)
    i18n (1.7.0)
      concurrent-ruby (~> 1.0)
    ice_nine (0.11.2)
    memoizable (0.4.2)
      thread_safe (~> 0.3, >= 0.3.1)
    method_source (0.9.2)
    minitest (5.11.3)
    minitest-hooks (1.5.0)
      minitest (> 5.3)
    minitest-reporters (1.3.8)
      ansi
      builder
      minitest (>= 5.0)
      ruby-progressbar
    parser (2.6.5.0)
      ast (~> 2.4.0)
    procto (0.0.3)
    pry (0.12.2)
      coderay (~> 1.1.0)
      method_source (~> 0.9.0)
    pry-byebug (3.7.0)
      byebug (~> 11.0)
      pry (~> 0.10)
    racc (1.4.16)
    rake (10.5.0)
    ruby-progressbar (1.10.1)
    sql-parser (0.0.2)
      racc
    sqlite3 (1.4.1)
    thread_safe (0.3.6)
    tzinfo (1.2.5)
      thread_safe (~> 0.1)
    unparser (0.4.5)
      abstract_type (~> 0.0.7)
      adamantium (~> 0.2.0)
      concord (~> 0.1.5)
      diff-lcs (~> 1.3)
      equalizer (~> 0.0.9)
      parser (~> 2.6.3)
      procto (~> 0.0.2)
    zeitwerk (2.2.0)

PLATFORMS
  ruby

DEPENDENCIES
  bundler (~> 2.0)
  minisat!
  minitest (~> 5.0)
  minitest-hooks
  minitest-reporters
  pry
  pry-byebug
  rake (~> 10.0)
  rbsyn!
  rdl!

BUNDLED WITH
   2.1.4
