GIT
  remote: https://github.com/ngsankha/rdl
  revision: b851321ca8174e091757d58a66d61eae1b10a9f6
  branch: effects
  specs:
    rdl (2.1.0)
      parser (~> 2.3, >= 2.3.1.4)
      sql-parser (~> 0.0.2)

GIT
  remote: https://github.com/ngsankha/ruby-minisat
  revision: 685d9ae6cab8c42ae47cc97e8a8270117e221a64
  specs:
    minisat (0.1.0)

PATH
  remote: .
  specs:
    rbsyn (0.1.0)
      activerecord
      fabrication
      parser
      rouge
      sqlite3
      unparser

GEM
  remote: https://rubygems.org/
  specs:
    abstract_type (0.0.7)
    activemodel (7.0.3.1)
      activesupport (= 7.0.3.1)
    activerecord (7.0.3.1)
      activemodel (= 7.0.3.1)
      activesupport (= 7.0.3.1)
    activesupport (7.0.3.1)
      concurrent-ruby (~> 1.0, >= 1.0.2)
      i18n (>= 1.6, < 2)
      minitest (>= 5.1)
      tzinfo (~> 2.0)
    adamantium (0.2.0)
      ice_nine (~> 0.11.0)
      memoizable (~> 0.4.0)
    anima (0.3.2)
      abstract_type (~> 0.0.7)
      adamantium (~> 0.2)
      equalizer (~> 0.0.11)
    ansi (1.5.0)
    ast (2.4.2)
    builder (3.2.4)
    byebug (11.1.3)
    coderay (1.1.3)
    concord (0.1.6)
      adamantium (~> 0.2.0)
      equalizer (~> 0.0.9)
    concurrent-ruby (1.1.10)
    diff-lcs (1.4.4)
    equalizer (0.0.11)
    fabrication (2.22.0)
    i18n (1.11.0)
      concurrent-ruby (~> 1.0)
    ice_nine (0.11.2)
    memoizable (0.4.2)
      thread_safe (~> 0.3, >= 0.3.1)
    method_source (1.0.0)
    minitest (5.14.4)
    minitest-hooks (1.5.0)
      minitest (> 5.3)
    minitest-reporters (1.4.3)
      ansi
      builder
      minitest (>= 5.0)
      ruby-progressbar
    mprelude (0.1.0)
      abstract_type (~> 0.0.7)
      adamantium (~> 0.2.0)
      concord (~> 0.1.5)
      equalizer (~> 0.0.9)
      ice_nine (~> 0.11.1)
      procto (~> 0.0.2)
    parser (2.7.2.0)
      ast (~> 2.4.1)
    procto (0.0.3)
    pry (0.13.1)
      coderay (~> 1.1)
      method_source (~> 1.0)
    pry-byebug (3.9.0)
      byebug (~> 11.0)
      pry (~> 0.13.0)
    racc (1.5.2)
    rake (13.0.6)
    rouge (3.26.1)
    ruby-progressbar (1.11.0)
    sql-parser (0.0.2)
      racc
    sqlite3 (1.4.2)
    thread_safe (0.3.6)
    tzinfo (2.0.4)
      concurrent-ruby (~> 1.0)
    unparser (0.5.5)
      abstract_type (~> 0.0.7)
      adamantium (~> 0.2.0)
      anima (~> 0.3.1)
      concord (~> 0.1.5)
      diff-lcs (~> 1.3)
      equalizer (~> 0.0.9)
      mprelude (~> 0.1.0)
      parser (>= 2.6.5)
      procto (~> 0.0.2)

PLATFORMS
  ruby

DEPENDENCIES
  bundler (~> 2.0)
  minisat!
  minitest (~> 5.0)
  minitest-hooks
  minitest-reporters
  pry
  pry-byebug
  rake (~> 13.0)
  rbsyn!
  rdl!

BUNDLED WITH
   2.1.4
