PATH
  remote: .
  specs:
    rbsyn (0.1.0)

GEM
  remote: https://rubygems.org/
  specs:
    minitest (5.11.3)
    minitest-hooks (1.5.0)
      minitest (> 5.3)
    rake (10.5.0)

PLATFORMS
  ruby

DEPENDENCIES
  bundler (~> 2.0)
  minitest (~> 5.0)
  minitest-hooks
  rake (~> 10.0)
  rbsyn!

BUNDLED WITH
   2.0.2
